GEM
  remote: https://rubygems.org/
  specs:
    axlsx (2.0.1)
      htmlentities (~> 4.3.1)
      nokogiri (>= 1.4.1)
      rubyzip (~> 1.0.0)
    fast_excel (0.4.0)
      ffi (> 1.9, < 2)
    ffi (1.15.5)
    htmlentities (4.3.4)
    json (2.3.1)
    nokogiri (1.12.5-x86_64-linux)
      racc (~> 1.4)
    racc (1.6.0)
    rubyzip (1.0.0)
    warning (1.2.1)

PLATFORMS
  x86_64-linux

DEPENDENCIES
  axlsx
  fast_excel
  json
  warning

BUNDLED WITH
   2.2.26
